GEM
  remote: https://rubygems.org/
  specs:
    minitest (5.14.4)
    multi_json (1.15.0)
    nio4r (2.5.7)
    power_assert (2.0.0)
    puma (4.3.7)
      nio4r (~> 2.0)
    rack (1.6.13)
    rack-protection (1.5.5)
      rack
    rack-test (1.1.0)
      rack (>= 1.0, < 3)
    sinatra (1.4.8)
      rack (~> 1.5)
      rack-protection (~> 1.4)
      tilt (>= 1.3, < 3)
    sinatra-cors (1.2.0)
    sinatra-json (0.1.0)
      multi_json (~> 1.0)
      sinatra (~> 1.0)
    sinatra-param (1.6.0)
      sinatra (>= 1.3)
    test-unit (3.4.0)
      power_assert
    tilt (2.0.10)

PLATFORMS
  x86_64-darwin-20

DEPENDENCIES
  minitest
  puma (~> 4.1)
  rack-test
  sinatra
  sinatra-cors
  sinatra-json
  sinatra-param
  test-unit

BUNDLED WITH
   2.2.13
